GIT
  remote: https://github.com/OperationCode/operationcode-airtable
  revision: d9a13577b90ac3af599b08d058979750b4025a46
  specs:
    operationcode-airtable (0.2.1)
      activesupport
      airtable

GIT
  remote: https://github.com/OperationCode/operationcode-slack
  revision: 8add2bb29f17b8b15c411786a6e1e296a6122dd7
  specs:
    operationcode-slack (0.5.0)
      activesupport
      httparty

GEM
  remote: https://rubygems.org/
  specs:
    activesupport (5.0.1)
      concurrent-ruby (~> 1.0, >= 1.0.2)
      i18n (~> 0.7)
      minitest (~> 5.1)
      tzinfo (~> 1.1)
    airtable (0.0.9)
      httparty
    ansi (1.5.0)
    builder (3.2.3)
    codeclimate-test-reporter (1.0.5)
      simplecov
    coderay (1.1.1)
    concurrent-ruby (1.0.4)
    docile (1.1.5)
    httparty (0.14.0)
      multi_xml (>= 0.5.2)
    i18n (0.7.0)
    json (2.0.3)
    metaclass (0.0.4)
    method_source (0.8.2)
    minitest (5.10.1)
    minitest-reporters (1.1.14)
      ansi
      builder
      minitest (>= 5.0)
      ruby-progressbar
    mocha (1.2.1)
      metaclass (~> 0.0.1)
    multi_xml (0.6.0)
    mustermann (1.0.1)
    pry (0.10.4)
      coderay (~> 1.1.0)
      method_source (~> 0.8.1)
      slop (~> 3.4)
    rack (2.0.3)
    rack-protection (2.0.0)
      rack
    rack-test (0.6.3)
      rack (>= 1.0)
    rake (12.0.0)
    rb-readline (0.5.3)
    ruby-progressbar (1.8.1)
    simplecov (0.13.0)
      docile (~> 1.1.0)
      json (>= 1.8, < 3)
      simplecov-html (~> 0.10.0)
    simplecov-html (0.10.0)
    sinatra (2.0.0)
      mustermann (~> 1.0)
      rack (~> 2.0)
      rack-protection (= 2.0.0)
      tilt (~> 2.0)
    slop (3.6.0)
    thread_safe (0.3.5)
    tilt (2.0.8)
    tzinfo (1.2.2)
      thread_safe (~> 0.1)

PLATFORMS
  ruby

DEPENDENCIES
  activesupport
  airtable
  codeclimate-test-reporter (~> 1.0.0)
  httparty
  minitest
  minitest-reporters
  mocha
  operationcode-airtable!
  operationcode-slack!
  pry
  rack-test
  rake
  rb-readline
  simplecov
  sinatra (>= 2.0.0)

RUBY VERSION
   ruby 2.3.3p222

BUNDLED WITH
   1.13.6
